GEM
  remote: https://rubygems.org/
  specs:
    aws-sdk (2.7.4)
      aws-sdk-resources (= 2.7.4)
    aws-sdk-core (2.7.4)
      aws-sigv4 (~> 1.0)
      jmespath (~> 1.0)
    aws-sdk-resources (2.7.4)
      aws-sdk-core (= 2.7.4)
    aws-sigv4 (1.0.0)
    byebug (9.0.6)
    dotenv (2.1.1)
    jmespath (1.3.1)
    memoist (0.14.0)
    rb-readline (0.5.3)
    thor (0.19.4)

PLATFORMS
  ruby

DEPENDENCIES
  aws-sdk (~> 2)
  byebug
  dotenv
  memoist
  rb-readline
  thor

BUNDLED WITH
   1.13.6
